GEM
  remote: https://rubygems.org/
  specs:
    json (2.5.1)
    mustermann (1.1.1)
      ruby2_keywords (~> 0.0.1)
    nio4r (2.5.7)
    prometheus-client (2.1.0)
    puma (5.2.2)
      nio4r (~> 2.0)
    puma-metrics (1.2.2)
      prometheus-client (>= 0.10)
      puma (>= 3.0)
    rack (2.2.3)
    rack-protection (2.1.0)
      rack
    ruby2_keywords (0.0.4)
    sinatra (2.1.0)
      mustermann (~> 1.0)
      rack (~> 2.2)
      rack-protection (= 2.1.0)
      tilt (~> 2.0)
    tilt (2.0.10)

PLATFORMS
  ruby

DEPENDENCIES
  json (~> 2.5)
  puma (~> 5.2)
  puma-metrics (~> 1.2)
  sinatra (~> 2.1)

BUNDLED WITH
   2.2.16
